GIT
  remote: git@github.com:dagnar/ice_cube.git
  revision: 07717d58cdf076c9b50672c541188c777d902c7b
  specs:
    ice_cube (0.10.1)

GEM
  remote: https://rubygems.org/
  specs:
    activemodel (3.1.12)
      activesupport (= 3.1.12)
      builder (~> 3.0.0)
      i18n (~> 0.6)
    activesupport (3.1.12)
      multi_json (~> 1.0)
    bcrypt-ruby (3.0.1)
    bson (1.8.5)
    bson_ext (1.5.0)
    builder (3.0.4)
    coderay (1.0.9)
    diff-lcs (1.2.4)
    i18n (0.6.4)
    json (1.8.0)
    method_source (0.8.1)
    mongo (1.8.5)
      bson (~> 1.8.5)
    mongoid (2.7.1)
      activemodel (~> 3.1)
      mongo (~> 1.8)
      tzinfo (~> 0.3.22)
    multi_json (1.7.2)
    pry (0.9.12.1)
      coderay (~> 1.0.5)
      method_source (~> 0.8)
      slop (~> 3.4)
    pry-nav (0.2.3)
      pry (~> 0.9.10)
    rack (1.5.2)
    rack-protection (1.5.0)
      rack
    rack-test (0.6.2)
      rack (>= 1.0)
    rspec (2.13.0)
      rspec-core (~> 2.13.0)
      rspec-expectations (~> 2.13.0)
      rspec-mocks (~> 2.13.0)
    rspec-core (2.13.1)
    rspec-expectations (2.13.0)
      diff-lcs (>= 1.1.3, < 2.0)
    rspec-mocks (2.13.1)
    sinatra (1.4.2)
      rack (~> 1.5, >= 1.5.2)
      rack-protection (~> 1.4)
      tilt (~> 1.3, >= 1.3.4)
    slop (3.4.4)
    tilt (1.3.7)
    tzinfo (0.3.37)
    warden (1.2.1)
      rack (>= 1.0)

PLATFORMS
  ruby

DEPENDENCIES
  activesupport (~> 3.1.0)
  bcrypt-ruby
  bson_ext (= 1.5)
  ice_cube!
  json
  mongoid (~> 2.4)
  pry
  pry-nav
  rack-test
  rspec
  sinatra
  warden
